PATH
  remote: .
  specs:
    bonfire (0.1.0)
      haml (>= 3.0)
      rdiscount (>= 1.6.8)
      thor (>= 0.14.0)
      tilt (>= 1.2.2)

GEM
  remote: http://rubygems.org/
  specs:
    diff-lcs (1.1.2)
    fuubar (0.0.3)
      rspec (~> 2.0)
      rspec-instafail (~> 0.1.4)
      ruby-progressbar (~> 0.0.9)
    gem-release (0.0.16)
    haml (3.0.25)
    nokogiri (1.4.4)
    rdiscount (1.6.8)
    rspec (2.5.0)
      rspec-core (~> 2.5.0)
      rspec-expectations (~> 2.5.0)
      rspec-mocks (~> 2.5.0)
    rspec-core (2.5.1)
    rspec-expectations (2.5.0)
      diff-lcs (~> 1.1.2)
    rspec-instafail (0.1.6)
    rspec-mocks (2.5.0)
    ruby-progressbar (0.0.9)
    thor (0.14.6)
    tilt (1.2.2)

PLATFORMS
  ruby

DEPENDENCIES
  bonfire!
  fuubar
  gem-release
  haml (>= 3.0)
  nokogiri
  rdiscount (>= 1.6.8)
  rspec (>= 2.5.0)
  thor (>= 0.14.0)
  tilt (>= 1.2.2)
